PATH
  remote: .
  specs:
    org-ruby (0.6.1)
      rubypants (>= 0.2.0)

GEM
  remote: http://rubygems.org/
  specs:
    bones (3.8.0)
      little-plugger (~> 1.1.3)
      loquacious (~> 1.9.1)
      rake (>= 0.8.7)
    diff-lcs (1.1.3)
    little-plugger (1.1.3)
    loquacious (1.9.1)
    rake (0.9.2.2)
    rspec (2.9.0)
      rspec-core (~> 2.9.0)
      rspec-expectations (~> 2.9.0)
      rspec-mocks (~> 2.9.0)
    rspec-core (2.9.0)
    rspec-expectations (2.9.1)
      diff-lcs (~> 1.1.3)
    rspec-mocks (2.9.0)
    rubypants (0.2.0)
    tilt (1.3.3)

PLATFORMS
  ruby

DEPENDENCIES
  bones (>= 3.8.0)
  org-ruby!
  rspec
  tilt
